GEM
  remote: https://rubygems.org/
  specs:
    addressable (2.5.1)
      public_suffix (~> 2.0, >= 2.0.2)
    colorator (1.1.0)
    fastimage (1.6.8)
      addressable (~> 2.3, >= 2.3.5)
    ffi (1.11.3)
    forwardable-extended (2.6.0)
    jekyll (3.6.3)
      addressable (~> 2.4)
      colorator (~> 1.0)
      jekyll-sass-converter (~> 1.0)
      jekyll-watch (~> 1.1)
      kramdown (~> 1.14)
      liquid (~> 4.0)
      mercenary (~> 0.3.3)
      pathutil (~> 0.9)
      rouge (>= 1.7, < 3)
      safe_yaml (~> 1.0)
    jekyll-contentblocks (1.2.0)
      jekyll
    jekyll-minimagick (0.0.4)
      jekyll (>= 0.10.0)
      mini_magick (>= 3.3)
    jekyll-paginate-v2 (1.7.4)
      jekyll (~> 3.0)
    jekyll-picture-tag (0.3.0)
      fastimage (~> 1.6.4)
      jekyll (< 4)
      mini_magick (~> 3.8.0)
    jekyll-sass-converter (1.5.2)
      sass (~> 3.4)
    jekyll-tagging (1.1.0)
      nuggets
    jekyll-watch (1.5.1)
      listen (~> 3.0)
    kramdown (1.17.0)
    liquid (4.0.3)
    listen (3.2.1)
      rb-fsevent (~> 0.10, >= 0.10.3)
      rb-inotify (~> 0.9, >= 0.9.10)
    mercenary (0.3.6)
    mini_magick (3.8.1)
      subexec (~> 0.2.1)
    nuggets (1.5.0)
    pathutil (0.16.2)
      forwardable-extended (~> 2.6)
    public_suffix (2.0.5)
    rb-fsevent (0.10.3)
    rb-inotify (0.10.0)
      ffi (~> 1.0)
    redcarpet (3.4.0)
    rouge (2.2.1)
    safe_yaml (1.0.5)
    sass (3.7.4)
      sass-listen (~> 4.0.0)
    sass-listen (4.0.0)
      rb-fsevent (~> 0.9, >= 0.9.4)
      rb-inotify (~> 0.9, >= 0.9.7)
    subexec (0.2.3)

PLATFORMS
  ruby

DEPENDENCIES
  jekyll (= 3.6.3)
  jekyll-contentblocks
  jekyll-minimagick
  jekyll-paginate-v2
  jekyll-picture-tag
  jekyll-tagging
  redcarpet

RUBY VERSION
   ruby 2.4.0p0

BUNDLED WITH
   1.14.6
